GEM
  remote: https://rubygems.org/
  specs:
    arduino_firmata (0.3.7)
      args_parser (>= 0.1.4)
      event_emitter (>= 0.2.4)
      serialport (>= 1.1.0)
    args_parser (0.2.0)
    event_emitter (0.2.5)
    httpclient (2.5.1)
    json (1.8.1)
    multi_json (1.10.1)
    pusher (0.14.2)
      httpclient (~> 2.4)
      multi_json (~> 1.0)
      signature (~> 0.1.6)
    pusher-client (0.6.0)
      json
      websocket (~> 1.0)
    serialport (1.1.0)
    signature (0.1.7)
    websocket (1.2.1)

PLATFORMS
  ruby

DEPENDENCIES
  arduino_firmata
  pusher
  pusher-client
